GEM
  remote: http://rubygems.org/
  specs:
    builder (3.2.4)
    curb (0.9.10)
    hpricot (0.8.6)
    json (1.8.6)
    route53 (0.2.2)
      builder
      hpricot
      ruby-hmac
    ruby-hmac (0.4.0)

PLATFORMS
  ruby

DEPENDENCIES
  curb (~> 0.9.7)
  json (~> 1.8.5)
  route53 (~> 0.2.1)

BUNDLED WITH
   2.1.4
